GEM
  remote: http://rubygems.org/
  specs:
    bing_translator (1.1.0)
      nokogiri (~> 1.5.0)
    cinch (1.1.3)
    configru (0.4.1)
    nokogiri (1.5.5)

PLATFORMS
  ruby

DEPENDENCIES
  bing_translator (~> 1.1.0)
  cinch (~> 1.1.3)
  configru (~> 0.4.0)
  nokogiri (~> 1.5.0)
